GEM
  remote: http://rubygems.org/
  specs:
    ZenTest (4.7.0)
    activesupport (3.2.2)
      i18n (~> 0.6)
      multi_json (~> 1.0)
    cane (1.0.0)
      tailor
    diff-lcs (1.1.3)
    fabricator (0.0.5)
      activesupport (>= 2.0.2)
      rubigen (= 1.5.2)
    faker (1.0.1)
      i18n (~> 0.4)
    i18n (0.6.0)
    multi_json (1.1.0)
    rake (0.9.2)
    rspec (2.9.0)
      rspec-core (~> 2.9.0)
      rspec-expectations (~> 2.9.0)
      rspec-mocks (~> 2.9.0)
    rspec-core (2.9.0)
    rspec-expectations (2.9.0)
      diff-lcs (~> 1.1.3)
    rspec-mocks (2.9.0)
    rubigen (1.5.2)
      activesupport (>= 2.2.2)
    simplecov (0.6.1)
      multi_json (~> 1.0)
      simplecov-html (~> 0.5.3)
    simplecov-html (0.5.3)
    tailor (0.1.5)
      term-ansicolor (>= 1.0.5)
    term-ansicolor (1.0.7)

PLATFORMS
  ruby

DEPENDENCIES
  ZenTest
  cane
  fabricator
  faker
  rake
  rspec
  simplecov
